GEM
  remote: https://rubygems.org/
  specs:
    aws-sdk (2.10.62)
      aws-sdk-resources (= 2.10.62)
    aws-sdk-core (2.10.62)
      aws-sigv4 (~> 1.0)
      jmespath (~> 1.0)
    aws-sdk-resources (2.10.62)
      aws-sdk-core (= 2.10.62)
    aws-sigv4 (1.0.2)
    coderay (1.1.2)
    diff-lcs (1.3)
    jmespath (1.3.1)
    method_source (0.8.2)
    open4 (1.3.4)
    pry (0.10.4)
      coderay (~> 1.1.0)
      method_source (~> 0.8.1)
      slop (~> 3.4)
    pry-nav (0.2.4)
      pry (>= 0.9.10, < 0.11.0)
    rake (12.1.0)
    rspec (3.6.0)
      rspec-core (~> 3.6.0)
      rspec-expectations (~> 3.6.0)
      rspec-mocks (~> 3.6.0)
    rspec-core (3.6.0)
      rspec-support (~> 3.6.0)
    rspec-expectations (3.6.0)
      diff-lcs (>= 1.2.0, < 2.0)
      rspec-support (~> 3.6.0)
    rspec-mocks (3.6.0)
      diff-lcs (>= 1.2.0, < 2.0)
      rspec-support (~> 3.6.0)
    rspec-support (3.6.0)
    slop (3.6.0)
    thor (0.20.0)
    vara (0.26.0)
      aws-sdk (~> 2)
      open4
      thor

PLATFORMS
  ruby

DEPENDENCIES
  pry!
  pry-nav!
  rake!
  rspec (~> 3.4)!
  vara!

BUNDLED WITH
   1.15.4
